GEM
  remote: http://rubygems.org/
  specs:
    backports (2.4.0)
    coffee-script (2.2.0)
      coffee-script-source
      execjs
    coffee-script-source (1.2.0)
    eventmachine (0.12.10)
    execjs (1.3.0)
      multi_json (~> 1.0)
    ffi (1.0.11)
    guard (1.0.1)
      ffi (>= 0.5.0)
      thor (~> 0.14.6)
    guard-coffeescript (0.5.6)
      coffee-script (>= 2.2.0)
      guard (>= 0.8.3)
    haml (3.1.4)
    multi_json (1.1.0)
    rack (1.4.1)
    rack-protection (1.2.0)
      rack
    rack-test (0.6.1)
      rack (>= 1.0)
    sinatra (1.3.2)
      rack (~> 1.3, >= 1.3.6)
      rack-protection (~> 1.2)
      tilt (~> 1.3, >= 1.3.3)
    sinatra-contrib (1.3.1)
      backports (>= 2.0)
      eventmachine
      rack-protection
      rack-test
      sinatra (~> 1.3.0)
      tilt (~> 1.3)
    sinatra-reloader (1.0)
      sinatra-contrib
    thor (0.14.6)
    tilt (1.3.3)

PLATFORMS
  ruby

DEPENDENCIES
  coffee-script
  guard-coffeescript
  haml
  sinatra
  sinatra-reloader
